GEM
  remote: http://rubygems.org/
  specs:
    haml (3.0.25)
    mysql (2.8.1)
    rack (1.2.2)
    rack-contrib (1.1.0)
      rack (>= 0.9.1)
    rack-rewrite (1.0.2)
    sequel (3.21.0)
    sinatra (1.2.1)
      rack (~> 1.1)
      tilt (< 2.0, >= 1.2.2)
    tilt (1.2.2)

PLATFORMS
  ruby

DEPENDENCIES
  haml
  mysql
  rack
  rack-contrib
  rack-rewrite
  sequel
  sinatra
